GEM
  remote: https://rubygems.org/
  specs:
    minitest (5.10.3)

PLATFORMS
  ruby

DEPENDENCIES
  bundler (~> 1.14)
  minitest (~> 5.0)

BUNDLED WITH
   1.14.6
